GEM
  remote: http://rubygems.org/
  specs:
    backports (2.6.4)
    bourbon (3.0.1)
      sass (>= 3.2.0)
      thor
    eventmachine (1.0.0)
    jsmin (1.0.1)
    kgio (2.7.4)
    rack (1.4.1)
    rack-protection (1.2.0)
      rack
    rack-test (0.6.2)
      rack (>= 1.0)
    raindrops (0.10.0)
    rake (10.0.2)
    sass (3.2.3)
    sinatra (1.3.3)
      rack (~> 1.3, >= 1.3.6)
      rack-protection (~> 1.2)
      tilt (~> 1.3, >= 1.3.3)
    sinatra-assetpack (0.1.2)
      jsmin
      rack-test
      sinatra
      tilt (>= 1.3.0)
    sinatra-contrib (1.3.1)
      backports (>= 2.0)
      eventmachine
      rack-protection
      rack-test
      sinatra (~> 1.3.0)
      tilt (~> 1.3)
    thor (0.16.0)
    tilt (1.3.3)
    unicorn (4.5.0)
      kgio (~> 2.6)
      rack
      raindrops (~> 0.7)

PLATFORMS
  ruby

DEPENDENCIES
  bourbon (~> 3.0.1)
  rake
  sass (~> 3.2.1)
  sinatra (~> 1.3.3)
  sinatra-assetpack
  sinatra-contrib (~> 1.3.1)
  unicorn
