GEM
  remote: http://rubygems.org/
  specs:
    backports (2.6.4)
    eventmachine (1.0.0)
    jsmin (1.0.1)
    rack (1.5.1)
    rack-protection (1.3.2)
      rack
    rack-test (0.6.2)
      rack (>= 1.0)
    rake (10.0.2)
    sass (3.2.3)
    sinatra (1.3.4)
      rack (~> 1.4)
      rack-protection (~> 1.3)
      tilt (~> 1.3, >= 1.3.3)
    sinatra-assetpack (0.1.2)
      jsmin
      rack-test
      sinatra
      tilt (>= 1.3.0)
    sinatra-contrib (1.3.1)
      backports (>= 2.0)
      eventmachine
      rack-protection
      rack-test
      sinatra (~> 1.3.0)
      tilt (~> 1.3)
    tilt (1.3.3)

PLATFORMS
  ruby

DEPENDENCIES
  rake
  sass (~> 3.2.1)
  sinatra (~> 1.3.4)
  sinatra-assetpack
  sinatra-contrib (~> 1.3.1)
